GEM
  remote: https://rubygems.org/
  specs:
    aws-sdk (1.40.0)
      json (~> 1.4)
      nokogiri (>= 1.4.4)
    blankslate (2.1.2.4)
    celluloid (0.15.2)
      timers (~> 1.1.0)
    classifier (1.3.4)
      fast-stemmer (>= 1.0.0)
    coffee-script (2.3.0)
      coffee-script-source
      execjs
    coffee-script-source (1.7.1)
    colorator (0.1)
    colored (1.2)
    configure-s3-website (1.5.5)
      deep_merge (= 1.0.0)
    deep_merge (1.0.0)
    erubis (2.7.0)
    execjs (2.2.1)
    fast-stemmer (1.0.2)
    ffi (1.9.3)
    filey-diff (2.0.0)
    jekyll (2.2.0)
      classifier (~> 1.3)
      colorator (~> 0.1)
      jekyll-coffeescript (~> 1.0)
      jekyll-gist (~> 1.0)
      jekyll-paginate (~> 1.0)
      jekyll-sass-converter (~> 1.0)
      jekyll-watch (~> 1.0)
      kramdown (~> 1.3)
      liquid (~> 2.6.1)
      mercenary (~> 0.3.3)
      pygments.rb (~> 0.6.0)
      redcarpet (~> 3.1)
      safe_yaml (~> 1.0)
      toml (~> 0.1.0)
    jekyll-coffeescript (1.0.0)
      coffee-script (~> 2.2)
    jekyll-gist (1.1.0)
    jekyll-paginate (1.0.0)
    jekyll-sass-converter (1.2.0)
      sass (~> 3.2)
    jekyll-watch (1.0.0)
      listen (~> 2.7)
    json (1.8.1)
    kramdown (1.4.1)
    liquid (2.6.1)
    listen (2.7.9)
      celluloid (>= 0.15.2)
      rb-fsevent (>= 0.9.3)
      rb-inotify (>= 0.9)
    mercenary (0.3.4)
    mime-types (1.25.1)
    mini_portile (0.5.3)
    nokogiri (1.6.1)
      mini_portile (~> 0.5.0)
    parslet (1.5.0)
      blankslate (~> 2.0)
    posix-spawn (0.3.9)
    pygments.rb (0.6.0)
      posix-spawn (~> 0.3.6)
      yajl-ruby (~> 1.1.0)
    rb-fsevent (0.9.4)
    rb-inotify (0.9.5)
      ffi (>= 0.5.0)
    redcarpet (3.1.2)
    s3_website (1.7.6)
      aws-sdk (~> 1)
      configure-s3-website (= 1.5.5)
      erubis (~> 2.7.0)
      filey-diff (~> 2.0.0)
      mime-types (~> 1)
      simple-cloudfront-invalidator (~> 1)
      thor (= 0.18.1)
      zopfli (~> 0.0.3)
    safe_yaml (1.0.3)
    sass (3.3.14)
    simple-cloudfront-invalidator (1.0.1)
      colored (= 1.2)
    thor (0.18.1)
    timers (1.1.0)
    toml (0.1.1)
      parslet (~> 1.5.0)
    yajl-ruby (1.1.0)
    zopfli (0.0.3)

PLATFORMS
  ruby

DEPENDENCIES
  jekyll (~> 2.2.0)
  s3_website
